GEM
  remote: http://rubygems.org/
  specs:
    asdf (0.5.0)
      rack (~> 1.2.1)
    awesome_print (0.3.2)
    interactive_editor (0.0.6)
      spoon (>= 0.0.1)
    maruku (0.6.0)
      syntax (>= 1.0.0)
    rack (1.2.1)
    spoon (0.0.1)
    syntax (1.0.0)

PLATFORMS
  ruby

DEPENDENCIES
  asdf (>= 0.5.0)
  awesome_print (>= 0.3.2)
  interactive_editor (>= 0.0.6)
  maruku (>= 0.6.0)
